GEM
  remote: https://rubygems.org/
  specs:
    json (2.0.2)
    mail (2.6.4)
      mime-types (>= 1.16, < 4)
    mime-types (3.1)
      mime-types-data (~> 3.2015)
    mime-types-data (3.2016.0521)
    pg (0.19.0)
    rack (1.6.5)
    rack-protection (1.5.3)
      rack
    rack-recaptcha (0.6.6)
      json
    sinatra (1.4.7)
      rack (~> 1.5)
      rack-protection (~> 1.4)
      tilt (>= 1.3, < 3)
    sinatra-flash (0.3.0)
      sinatra (>= 1.0.0)
    tilt (2.0.5)

PLATFORMS
  ruby

DEPENDENCIES
  mail
  pg
  rack-recaptcha
  sinatra
  sinatra-flash

RUBY VERSION
   ruby 2.3.3p222

BUNDLED WITH
   1.13.7
