GEM
  remote: https://rubygems.org/
  specs:
    json (2.6.2)
    mail (2.7.1)
      mini_mime (>= 0.1.1)
    mini_mime (1.1.2)
    mustermann (1.1.1)
      ruby2_keywords (~> 0.0.1)
    pg (1.3.5)
    rack (2.2.3.1)
    rack-protection (2.2.0)
      rack
    recaptcha (5.10.0)
      json
    ruby2_keywords (0.0.5)
    ruby_http_client (3.5.5)
    sendgrid-ruby (6.6.2)
      ruby_http_client (~> 3.4)
    sinatra (2.2.0)
      mustermann (~> 1.0)
      rack (~> 2.2)
      rack-protection (= 2.2.0)
      tilt (~> 2.0)
    sinatra-flash (0.3.0)
      sinatra (>= 1.0.0)
    tilt (2.0.10)

PLATFORMS
  ruby

DEPENDENCIES
  mail
  pg
  recaptcha
  sendgrid-ruby
  sinatra
  sinatra-flash

RUBY VERSION
   ruby 2.7.1p83

BUNDLED WITH
   2.1.4
