GEM
  remote: https://rubygems.org/
  specs:
    json (2.1.0)
    mail (2.7.1)
      mini_mime (>= 0.1.1)
    mini_mime (1.0.1)
    mustermann (1.0.3)
    pg (1.1.3)
    rack (2.0.6)
    rack-protection (2.0.4)
      rack
    recaptcha (4.13.0)
      json
    sinatra (2.0.4)
      mustermann (~> 1.0)
      rack (~> 2.0)
      rack-protection (= 2.0.4)
      tilt (~> 2.0)
    sinatra-flash (0.3.0)
      sinatra (>= 1.0.0)
    tilt (2.0.8)

PLATFORMS
  ruby

DEPENDENCIES
  mail
  pg
  recaptcha
  sinatra
  sinatra-flash

RUBY VERSION
   ruby 2.4.3p205

BUNDLED WITH
   1.17.1
